GEM
  remote: https://rubygems.org/
  specs:
    diff-lcs (1.2.5)
    rake (12.3.3)
    rspec (3.1.0)
      rspec-core (~> 3.1.0)
      rspec-expectations (~> 3.1.0)
      rspec-mocks (~> 3.1.0)
    rspec-core (3.1.5)
      rspec-support (~> 3.1.0)
    rspec-expectations (3.1.2)
      diff-lcs (>= 1.2.0, < 2.0)
      rspec-support (~> 3.1.0)
    rspec-mocks (3.1.2)
      rspec-support (~> 3.1.0)
    rspec-support (3.1.1)
    vimrunner (0.3.1)

PLATFORMS
  ruby

DEPENDENCIES
  rake (~> 12.3.3)
  rspec (~> 3.1.0)
  vimrunner (~> 0.3.1)
